PATH
  remote: ../MINT-core
  specs:
    MINT-core (0.0.1)
      MINT-statemachine (~> 1.2.2)
      cassowary (~> 1.0.0)
      dm-rinda-adapter (~> 0.1.0)

PATH
  remote: ../dm-rinda-adapter
  specs:
    dm-rinda-adapter (0.1.0)
      dm-core (~> 0.10.2)

GEM
  remote: http://rubygems.org/
  remote: http://gems.rubyforge.org/
  remote: http://gems.github.com/
  specs:
    MINT-statemachine (1.2.2)
    actionmailer (2.3.12)
      actionpack (= 2.3.12)
    actionpack (2.3.12)
      activesupport (= 2.3.12)
      rack (~> 1.1.0)
    activerecord (2.3.12)
      activesupport (= 2.3.12)
    activeresource (2.3.12)
      activesupport (= 2.3.12)
    activesupport (2.3.12)
    addressable (2.2.4)
    cassowary (1.0.0)
    cgi_multipart_eof_fix (2.5.0)
    daemons (1.1.4)
    dm-core (0.10.2)
      addressable (~> 2.1)
      extlib (~> 0.9.14)
    em-websocket (0.1.3)
      addressable (>= 2.1.1)
      eventmachine (>= 0.12.9)
    eventmachine (0.12.10)
    extlib (0.9.15)
    fastercsv (1.5.4)
    fastthread (1.0.7)
    gem_plugin (0.2.3)
    i18n (0.6.0)
    json (1.5.1)
    juggernaut (2.0.0)
      redis
    mongrel (1.1.5)
      cgi_multipart_eof_fix (>= 2.4)
      daemons (>= 1.0.3)
      fastthread (>= 1.0.1)
      gem_plugin (>= 0.2.3)
    rack (1.1.2)
    rails (2.3.12)
      actionmailer (= 2.3.12)
      actionpack (= 2.3.12)
      activerecord (= 2.3.12)
      activeresource (= 2.3.12)
      activesupport (= 2.3.12)
      rake (>= 0.8.3)
    rake (0.9.2)
    rdoc (3.8)
    redis (2.2.1)
    rmagick (2.12.2)
    rspec (1.3.1)

PLATFORMS
  ruby

DEPENDENCIES
  MINT-core!
  MINT-statemachine
  activesupport (= 2.3.12)
  addressable (= 2.2.4)
  cassowary (= 1.0.0)
  dm-core (= 0.10.2)
  dm-rinda-adapter!
  em-websocket (= 0.1.3)
  eventmachine (= 0.12.10)
  fastercsv (= 1.5.4)
  i18n
  json (= 1.5.1)
  juggernaut (= 2.0.0)
  mongrel (= 1.1.5)
  rack (= 1.1.2)
  rails (= 2.3.12)
  rake (= 0.9.2)
  rdoc
  rmagick (= 2.12.2)
  rspec (= 1.3.1)
