GIT
  remote: git://github.com/maccman/juggernaut.git
  revision: 909efba0a6e33324f796ccc20fc012a916dab937
  branch: master
  specs:
    juggernaut (2.0.1)
      redis

GIT
  remote: ssh://git@multi-access.de/MINT-core.git
  revision: 8b41cffbb0b8df28793abe15f91151889d0545db
  branch: head_movements
  specs:
    MINT-core (0.0.1)
      MINT-statemachine (~> 1.2.2)
      cassowary (~> 1.0.0)
      dm-rinda-adapter (~> 0.1.0)

GIT
  remote: ssh://git@multi-access.de/MINT-debugger.git
  revision: 21e62a802f76323c93c526b286a0469a7e326fb4
  branch: master
  specs:
    MINT-debugger (0.0.1)
      MINT-core (~> 0.0.1)
      wxruby (~> 2.0.0)

GIT
  remote: ssh://git@multi-access.de/MINT-sdl.git
  revision: 546e96a29a1832ac830e85068d1c6ea37311b0db
  branch: master
  specs:
    MINT-sdl (1.0.0)
      MINT-core (~> 0.0.1)
      rubysdl (~> 2.1.1)

GIT
  remote: ssh://git@multi-access.de/dm-rinda-adapter.git
  revision: c0802f71b0a8226be4f5cef19bc85ad91921d9a0
  branch: master
  specs:
    dm-rinda-adapter (0.1.0)
      dm-core (~> 0.10.2)

GIT
  remote: ssh://git@multi-access.de/scxml.git
  revision: d4277d2cbb603971ccb18e4ee0b84cb59c43c3f2
  branch: jessica
  specs:
    MINT-scxml (1.0.0)
      MINT-statemachine (~> 1.2.2)

GIT
  remote: ssh://git@multi-access.de/statemachine.git
  revision: e5313b61ca7296f4a21ea8d00caef5ee6b55743c
  branch: jessica
  specs:
    MINT-statemachine (1.2.2)

GEM
  remote: http://rubygems.org/
  remote: http://gems.rubyforge.org/
  remote: http://gems.github.com/
  specs:
    actionmailer (2.3.12)
      actionpack (= 2.3.12)
    actionpack (2.3.12)
      activesupport (= 2.3.12)
      rack (~> 1.1.0)
    activerecord (2.3.12)
      activesupport (= 2.3.12)
    activeresource (2.3.12)
      activesupport (= 2.3.12)
    activesupport (2.3.12)
    addressable (2.2.4)
    bcrypt-ruby (2.1.2)
    cassowary (1.0.0)
    cgi_multipart_eof_fix (2.5.0)
    daemons (1.1.4)
    dm-core (0.10.2)
      addressable (~> 2.1)
      extlib (~> 0.9.14)
    dm-types (0.10.2)
      bcrypt-ruby (~> 2.1.2)
      dm-core (~> 0.10.2)
      fastercsv (~> 1.5.0)
      json_pure (~> 1.2.0)
      stringex (~> 1.1.0)
      uuidtools (~> 2.1.1)
    em-websocket (0.3.2)
      addressable (>= 2.1.1)
      eventmachine (>= 0.12.9)
    eventmachine (0.12.10)
    extlib (0.9.15)
    fastercsv (1.5.4)
    fastthread (1.0.7)
    gem_plugin (0.2.3)
    i18n (0.6.0)
    json (1.5.4)
    json_pure (1.2.4)
    mongrel (1.1.5)
      cgi_multipart_eof_fix (>= 2.4)
      daemons (>= 1.0.3)
      fastthread (>= 1.0.1)
      gem_plugin (>= 0.2.3)
    rack (1.1.2)
    rails (2.3.12)
      actionmailer (= 2.3.12)
      actionpack (= 2.3.12)
      activerecord (= 2.3.12)
      activeresource (= 2.3.12)
      activesupport (= 2.3.12)
      rake (>= 0.8.3)
    rake (0.9.2)
    rdoc (3.11)
      json (~> 1.4)
    redis (2.2.2)
    rmagick (2.13.1)
    rspec (1.3.1)
    rubysdl (2.1.1)
    stringex (1.1.0)
    uuidtools (2.1.2)
    wxruby (2.0.0)

PLATFORMS
  ruby

DEPENDENCIES
  MINT-core!
  MINT-debugger!
  MINT-scxml!
  MINT-sdl!
  MINT-statemachine!
  activesupport (= 2.3.12)
  addressable (= 2.2.4)
  bcrypt-ruby (= 2.1.2)
  cassowary (= 1.0.0)
  dm-core (= 0.10.2)
  dm-rinda-adapter!
  dm-types (= 0.10.2)
  em-websocket (= 0.3.2)
  eventmachine (= 0.12.10)
  fastercsv (= 1.5.4)
  i18n
  json (= 1.5.4)
  juggernaut!
  mongrel (= 1.1.5)
  rack (= 1.1.2)
  rails (= 2.3.12)
  rake (= 0.9.2)
  rdoc
  rmagick (= 2.13.1)
  rspec (= 1.3.1)
  wxruby (= 2.0.0)
