GIT
  remote: git://github.com/maccman/juggernaut.git
  revision: fe672b36c14ac5ed53cfd4105cfc2577d4300d6b
  branch: master
  specs:
    juggernaut (2.1.0)
      redis

GEM
  remote: http://rubygems.org/
  specs:
    MINT-core (1.0.0)
      MINT-statemachine (~> 1.2.2)
      cassowary (~> 1.0.0)
      dm-rinda-adapter (~> 0.1.0)
    MINT-debugger (1.0.0)
      MINT-core (~> 1.0.0)
      wxruby (~> 2.0.0)
    MINT-scxml (1.0.0)
      MINT-statemachine (~> 1.2.3)
    MINT-sdl (1.0.2)
      MINT-core (~> 1.0.0)
      rubysdl (~> 2.1.1)
    MINT-statemachine (1.2.3)
    actionmailer (2.3.12)
      actionpack (= 2.3.12)
    actionpack (2.3.12)
      activesupport (= 2.3.12)
      rack (~> 1.1.0)
    activerecord (2.3.12)
      activesupport (= 2.3.12)
    activeresource (2.3.12)
      activesupport (= 2.3.12)
    activesupport (2.3.12)
    addressable (2.2.4)
    bcrypt-ruby (2.1.2)
    cassowary (1.0.1)
    cgi_multipart_eof_fix (2.5.0)
    daemons (1.1.4)
    dm-core (0.10.2)
      addressable (~> 2.1)
      extlib (~> 0.9.14)
    dm-rinda-adapter (0.1.2)
      dm-core (~> 0.10.2)
    dm-types (0.10.2)
      bcrypt-ruby (~> 2.1.2)
      dm-core (~> 0.10.2)
      fastercsv (~> 1.5.0)
      json_pure (~> 1.2.0)
      stringex (~> 1.1.0)
      uuidtools (~> 2.1.1)
    em-websocket (0.3.5)
      addressable (>= 2.1.1)
      eventmachine (>= 0.12.9)
    eventmachine (0.12.10)
    extlib (0.9.15)
    fastercsv (1.5.4)
    fastthread (1.0.7)
    gem_plugin (0.2.3)
    i18n (0.6.0)
    json (1.5.4)
    json_pure (1.2.4)
    mongrel (1.1.5)
      cgi_multipart_eof_fix (>= 2.4)
      daemons (>= 1.0.3)
      fastthread (>= 1.0.1)
      gem_plugin (>= 0.2.3)
    rack (1.1.2)
    rails (2.3.12)
      actionmailer (= 2.3.12)
      actionpack (= 2.3.12)
      activerecord (= 2.3.12)
      activeresource (= 2.3.12)
      activesupport (= 2.3.12)
      rake (>= 0.8.3)
    rake (0.9.2)
    rdoc (3.11)
      json (~> 1.4)
    redis (2.2.2)
    rmagick (2.13.1)
    rspec (1.3.1)
    rubysdl (2.1.1)
    stringex (1.1.0)
    uuidtools (2.1.2)
    wxruby (2.0.0)

PLATFORMS
  ruby

DEPENDENCIES
  MINT-core (= 1.0.0)
  MINT-debugger (= 1.0.0)
  MINT-scxml (= 1.0.0)
  MINT-sdl (= 1.0.2)
  MINT-statemachine (= 1.2.3)
  activesupport (= 2.3.12)
  addressable (= 2.2.4)
  bcrypt-ruby (= 2.1.2)
  cassowary (= 1.0.1)
  dm-core (= 0.10.2)
  dm-rinda-adapter (= 0.1.2)
  dm-types (= 0.10.2)
  em-websocket (= 0.3.5)
  eventmachine (= 0.12.10)
  fastercsv (= 1.5.4)
  i18n (= 0.6.0)
  json (= 1.5.4)
  juggernaut!
  mongrel (= 1.1.5)
  rack (= 1.1.2)
  rails (= 2.3.12)
  rake (= 0.9.2)
  rdoc (= 3.11)
  rmagick (= 2.13.1)
  rspec (= 1.3.1)
  wxruby (= 2.0.0)
